GEM
  remote: http://rubygems.org/
  specs:
    haml (3.1.7)
    rack (1.4.1)
    rack-protection (1.2.0)
      rack
    sass (3.2.2)
    sinatra (1.3.3)
      rack (~> 1.3, >= 1.3.6)
      rack-protection (~> 1.2)
      tilt (~> 1.3, >= 1.3.3)
    thor (0.16.0)
    tilt (1.3.3)
    watchr (0.7)

PLATFORMS
  ruby

DEPENDENCIES
  haml
  rack
  sass
  sinatra
  thor
  watchr
